GEM
  remote: https://rubygems.org/
  specs:
    asciidoctor (2.0.26)
    rouge (4.6.1)

PLATFORMS
  ruby
  x86_64-linux-gnu

DEPENDENCIES
  asciidoctor (~> 2.0)
  rouge (~> 4.1)

BUNDLED WITH
   2.6.7
